PATH
  remote: .
  specs:
    gravatarify (3.0.0)

GEM
  remote: http://rubygems.org/
  specs:
    activesupport (3.0.9)
    rake (0.9.2.2)
    rr (1.0.2)
    shoulda (2.11.3)

PLATFORMS
  ruby

DEPENDENCIES
  activesupport (>= 3.0.0)
  gravatarify!
  rake
  rr (>= 0.10.5)
  shoulda (>= 2.10.2)
